PATH
  remote: .
  specs:
    active_query (0.2.0)

GEM
  remote: https://rubygems.org/
  specs:
    rake (13.2.1)

PLATFORMS
  arm64-darwin-22

DEPENDENCIES
  active_query!
  rake (~> 13.0)

BUNDLED WITH
   2.4.12
