PATH
  remote: .
  specs:
    queries-on-rails (0.1.0)

GEM
  remote: https://rubygems.org/
  specs:
    rake (13.2.1)

PLATFORMS
  arm64-darwin-22

DEPENDENCIES
  queries-on-rails!
  rake (~> 13.0)

BUNDLED WITH
   2.4.12
